PATH
  remote: .
  specs:
    attribute_memoization (0.1.0)

GEM
  remote: https://rubygems.org/
  specs:
    minitest (5.15.0)
    mocha (1.14.0)
    rake (13.0.6)

PLATFORMS
  arm64-darwin-21

DEPENDENCIES
  attribute_memoization!
  minitest (~> 5.0)
  mocha
  rake (~> 13.0)

BUNDLED WITH
   2.3.10
